PATH
  remote: .
  specs:
    badev (0.3.0)
      colored2
      commander
      xcodeproj (~> 1.0.0.beta.4)

GEM
  remote: https://rubygems.org/
  specs:
    activesupport (5.2.0)
      concurrent-ruby (~> 1.0, >= 1.0.2)
      i18n (>= 0.7, < 2)
      minitest (~> 5.1)
      tzinfo (~> 1.1)
    claide (1.0.2)
    colored (1.2)
    colored2 (3.1.2)
    commander (4.4.5)
      highline (~> 1.7.2)
    concurrent-ruby (1.0.5)
    highline (1.7.10)
    i18n (1.0.1)
      concurrent-ruby (~> 1.0)
    minitest (5.11.3)
    rake (13.0.1)
    thread_safe (0.3.6)
    tzinfo (1.2.5)
      thread_safe (~> 0.1)
    xcodeproj (1.0.0)
      activesupport (>= 3)
      claide (>= 1.0.0, < 2.0)
      colored (~> 1.2)

PLATFORMS
  ruby

DEPENDENCIES
  badev!
  bundler (~> 1.3)
  rake

BUNDLED WITH
   1.16.1
