PATH
  remote: .
  specs:
    badev (0.3.0)
      colored2
      commander
      xcodeproj

GEM
  remote: https://rubygems.org/
  specs:
    CFPropertyList (3.0.2)
    atomos (0.1.3)
    claide (1.0.3)
    colored2 (3.1.2)
    commander (4.5.1)
      highline (~> 2.0.0)
    highline (2.0.3)
    nanaimo (0.2.6)
    rake (13.0.1)
    xcodeproj (1.15.0)
      CFPropertyList (>= 2.3.3, < 4.0)
      atomos (~> 0.1.3)
      claide (>= 1.0.2, < 2.0)
      colored2 (~> 3.1)
      nanaimo (~> 0.2.6)

PLATFORMS
  ruby

DEPENDENCIES
  badev!
  bundler (~> 2.1)
  rake

BUNDLED WITH
   2.1.4
