PATH
  remote: .
  specs:
    badev (0.3.0)
      colored2
      commander
      xcodeproj (~> 1.0.0.beta.4)

GEM
  remote: https://rubygems.org/
  specs:
    activesupport (5.1.4)
      concurrent-ruby (~> 1.0, >= 1.0.2)
      i18n (~> 0.7)
      minitest (~> 5.1)
      tzinfo (~> 1.1)
    claide (1.0.2)
    colored (1.2)
    colored2 (3.1.2)
    commander (4.4.3)
      highline (~> 1.7.2)
    concurrent-ruby (1.0.5)
    highline (1.7.8)
    i18n (0.8.6)
    minitest (5.10.3)
    rake (12.1.0)
    thread_safe (0.3.6)
    tzinfo (1.2.3)
      thread_safe (~> 0.1)
    xcodeproj (1.0.0)
      activesupport (>= 3)
      claide (>= 1.0.0, < 2.0)
      colored (~> 1.2)

PLATFORMS
  ruby

DEPENDENCIES
  badev!
  bundler (~> 1.3)
  rake

BUNDLED WITH
   1.15.4
