PATH
  remote: .
  specs:
    badev (0.1.0)
      colored
      commander
      xcodeproj (~> 1.0.0.beta.4)

GEM
  remote: https://rubygems.org/
  specs:
    activesupport (5.0.0.1)
      concurrent-ruby (~> 1.0, >= 1.0.2)
      i18n (~> 0.7)
      minitest (~> 5.1)
      tzinfo (~> 1.1)
    claide (1.0.0)
    colored (1.2)
    commander (4.4.0)
      highline (~> 1.7.2)
    concurrent-ruby (1.0.2)
    highline (1.7.8)
    i18n (0.7.0)
    minitest (5.9.0)
    rake (11.2.2)
    thread_safe (0.3.5)
    tzinfo (1.2.2)
      thread_safe (~> 0.1)
    xcodeproj (1.0.0)
      activesupport (>= 3)
      claide (>= 1.0.0, < 2.0)
      colored (~> 1.2)

PLATFORMS
  ruby

DEPENDENCIES
  badev!
  bundler (~> 1.3)
  rake

BUNDLED WITH
   1.13.1
